PATH
  remote: .
  specs:
    bosh_workstation_cpi (0.0.1)

GEM
  remote: https://s3.amazonaws.com/bosh-ci-pipeline/896/gems/
  remote: https://rubygems.org/
  specs:
    agent_client (1.5.0.pre.896)
      httpclient (= 2.2.4)
      yajl-ruby (~> 1.1.0)
    aws-sdk (1.8.5)
      json (~> 1.4)
      nokogiri (>= 1.4.4)
      uuidtools (~> 2.1)
    blobstore_client (1.5.0.pre.896)
      aws-sdk (= 1.8.5)
      bosh_common (~> 1.5.0.pre.896)
      fog (~> 1.14.0)
      httpclient (= 2.2.4)
      multi_json (~> 1.1)
      ruby-atmos-pure (~> 1.0.5)
    bosh_aws_cpi (1.5.0.pre.896)
      aws-sdk (= 1.8.5)
      bosh_common (~> 1.5.0.pre.896)
      bosh_cpi (~> 1.5.0.pre.896)
      bosh_registry (~> 1.5.0.pre.896)
      httpclient (= 2.2.4)
      yajl-ruby (>= 0.8.2)
    bosh_cli (1.5.0.pre.896)
      blobstore_client (~> 1.5.0.pre.896)
      bosh_common (~> 1.5.0.pre.896)
      highline (~> 1.6.2)
      httpclient (= 2.2.4)
      json_pure (~> 1.7)
      minitar (~> 0.5.4)
      net-scp (~> 1.1.0)
      net-ssh (>= 2.2.1)
      net-ssh-gateway (~> 1.1.0)
      netaddr (~> 1.5.0)
      progressbar (~> 0.9.0)
      terminal-table (~> 1.4.3)
    bosh_cli_plugin_micro (1.5.0.pre.896)
      agent_client (~> 1.5.0.pre.896)
      bosh_aws_cpi (~> 1.5.0.pre.896)
      bosh_cli (~> 1.5.0.pre.896)
      bosh_cpi (~> 1.5.0.pre.896)
      bosh_openstack_cpi (~> 1.5.0.pre.896)
      bosh_registry (~> 1.5.0.pre.896)
      bosh_vcloud_cpi (~> 0.4.9)
      bosh_vsphere_cpi (~> 1.5.0.pre.896)
      sqlite3 (~> 1.3.7)
    bosh_common (1.5.0.pre.896)
    bosh_cpi (1.5.0.pre.896)
      bosh_common (~> 1.5.0.pre.896)
    bosh_openstack_cpi (1.5.0.pre.896)
      bosh_common (~> 1.5.0.pre.896)
      bosh_cpi (~> 1.5.0.pre.896)
      bosh_registry (~> 1.5.0.pre.896)
      fog (~> 1.14.0)
      httpclient (= 2.2.4)
      yajl-ruby (>= 0.8.2)
    bosh_registry (1.5.0.pre.896)
      aws-sdk (= 1.8.5)
      fog (~> 1.14.0)
      sequel (~> 3.43.0)
      sinatra (~> 1.4.2)
      thin (~> 1.5.0)
      yajl-ruby (~> 1.1.0)
    bosh_vcloud_cpi (0.4.9)
      bosh_common
      bosh_cpi (>= 0.4.2)
      ruby_vcloud_sdk
      uuidtools
      yajl-ruby (>= 0.8.2)
    bosh_vsphere_cpi (1.5.0.pre.896)
      bosh_common (~> 1.5.0.pre.896)
      bosh_cpi (~> 1.5.0.pre.896)
      membrane (~> 0.0.2)
      ruby_vim_sdk (~> 1.5.0.pre.896)
      sequel (~> 3.43.0)
    builder (3.1.4)
    coderay (1.0.9)
    daemons (1.1.9)
    eventmachine (1.0.3)
    excon (0.25.3)
    fog (1.14.0)
      builder
      excon (~> 0.25.0)
      formatador (~> 0.2.0)
      mime-types
      multi_json (~> 1.0)
      net-scp (~> 1.1)
      net-ssh (>= 2.1.3)
      nokogiri (~> 1.5)
      ruby-hmac
    formatador (0.2.4)
    highline (1.6.19)
    httpclient (2.2.4)
    json (1.8.0)
    json_pure (1.8.0)
    log4r (1.1.10)
    membrane (0.0.2)
    method_source (0.8.2)
    mime-types (1.24)
    minitar (0.5.4)
    multi_json (1.7.9)
    net-scp (1.1.2)
      net-ssh (>= 2.6.5)
    net-ssh (2.6.8)
    net-ssh-gateway (1.1.2)
      net-ssh (>= 2.6.5)
    netaddr (1.5.0)
    nokogiri (1.5.10)
    progressbar (0.9.2)
    pry (0.9.12.2)
      coderay (~> 1.0.5)
      method_source (~> 0.8)
      slop (~> 3.4)
    rack (1.5.2)
    rack-protection (1.5.0)
      rack
    rest-client (1.6.7)
      mime-types (>= 1.16)
    ruby-atmos-pure (1.0.5)
      log4r (>= 1.1.9)
      ruby-hmac (>= 0.4.0)
    ruby-hmac (0.4.0)
    ruby_vcloud_sdk (0.4.8)
      builder
      httpclient
      nokogiri (~> 1.5)
      rest-client
    ruby_vim_sdk (1.5.0.pre.896)
      builder (~> 3.1.4)
      httpclient (= 2.2.4)
      nokogiri (~> 1.5.6)
    sequel (3.43.0)
    sinatra (1.4.3)
      rack (~> 1.4)
      rack-protection (~> 1.4)
      tilt (~> 1.3, >= 1.3.4)
    slop (3.4.6)
    sqlite3 (1.3.8)
    terminal-table (1.4.5)
    thin (1.5.1)
      daemons (>= 1.0.9)
      eventmachine (>= 0.12.6)
      rack (>= 1.0.0)
    tilt (1.4.1)
    uuidtools (2.1.4)
    yajl-ruby (1.1.0)

PLATFORMS
  ruby

DEPENDENCIES
  bosh_cli (= 1.5.0.pre.896)
  bosh_cli_plugin_micro (= 1.5.0.pre.896)
  bosh_workstation_cpi!
  pry
